PATH
  remote: .
  specs:
    sidekiq_adhoc_job (2.2.1)
      sidekiq (< 7)

GEM
  remote: http://rubygems.org/
  specs:
    coderay (1.1.3)
    connection_pool (2.3.0)
    diff-lcs (1.5.0)
    method_source (1.0.0)
    mock_redis (0.26.0)
    pry (0.14.2)
      coderay (~> 1.1)
      method_source (~> 1.0)
    rack (2.2.5)
    rack-test (1.1.0)
      rack (>= 1.0, < 3)
    rake (12.3.3)
    redis (4.8.0)
    rspec (3.10.0)
      rspec-core (~> 3.10.0)
      rspec-expectations (~> 3.10.0)
      rspec-mocks (~> 3.10.0)
    rspec-core (3.10.2)
      rspec-support (~> 3.10.0)
    rspec-expectations (3.10.2)
      diff-lcs (>= 1.2.0, < 2.0)
      rspec-support (~> 3.10.0)
    rspec-mocks (3.10.3)
      diff-lcs (>= 1.2.0, < 2.0)
      rspec-support (~> 3.10.0)
    rspec-support (3.10.3)
    sidekiq (6.5.8)
      connection_pool (>= 2.2.5, < 3)
      rack (~> 2.0)
      redis (>= 4.5.0, < 5)

PLATFORMS
  x86_64-darwin-21

DEPENDENCIES
  bundler
  mock_redis (~> 0.26.0)
  pry
  rack-test (~> 1.1.0)
  rake (~> 12.3.2)
  rspec (~> 3.10.0)
  sidekiq_adhoc_job!

BUNDLED WITH
   2.2.32
