PATH
  remote: .
  specs:
    sidekiq_adhoc_job (0.2.1)
      sidekiq (>= 5.2.7)

GEM
  remote: http://rubygems.org/
  specs:
    coderay (1.1.3)
    connection_pool (2.2.3)
    diff-lcs (1.3)
    method_source (1.0.0)
    mock_redis (0.20.0)
    pry (0.13.1)
      coderay (~> 1.1)
      method_source (~> 1.0)
    rack (2.2.3)
    rack-protection (2.0.8.1)
      rack
    rack-test (1.1.0)
      rack (>= 1.0, < 3)
    rake (12.3.3)
    redis (4.2.1)
    rspec (3.8.0)
      rspec-core (~> 3.8.0)
      rspec-expectations (~> 3.8.0)
      rspec-mocks (~> 3.8.0)
    rspec-core (3.8.2)
      rspec-support (~> 3.8.0)
    rspec-expectations (3.8.6)
      diff-lcs (>= 1.2.0, < 2.0)
      rspec-support (~> 3.8.0)
    rspec-mocks (3.8.2)
      diff-lcs (>= 1.2.0, < 2.0)
      rspec-support (~> 3.8.0)
    rspec-support (3.8.3)
    sidekiq (6.0.7)
      connection_pool (>= 2.2.2)
      rack (~> 2.0)
      rack-protection (>= 2.0.0)
      redis (>= 4.1.0)

PLATFORMS
  ruby

DEPENDENCIES
  bundler
  mock_redis (~> 0.20.0)
  pry
  rack-test (~> 1.1.0)
  rake (~> 12.3.2)
  rspec (~> 3.8.0)
  sidekiq_adhoc_job!

BUNDLED WITH
   2.1.4
